PATH
  remote: .
  specs:
    inert (0.3.0)
      oga (>= 2.0, < 4.0)
      roda (>= 3.13, < 4.0)
      thor (< 1.0)
      tilt (>= 2.0, < 4.0)

GEM
  remote: https://rubygems.org/
  specs:
    ansi (1.5.0)
    ast (2.4.0)
    coderay (1.1.2)
    erubis (2.7.0)
    fakefs (0.20.1)
    flay (2.12.1)
      erubis (~> 2.7.0)
      path_expander (~> 1.0)
      ruby_parser (~> 3.0)
      sexp_processor (~> 4.0)
    flog (4.6.4)
      path_expander (~> 1.0)
      ruby_parser (~> 3.1, > 3.1.0)
      sexp_processor (~> 4.8)
    method_source (0.9.2)
    minitest (5.13.0)
    oga (3.0)
      ast
      ruby-ll (~> 2.1)
    path_expander (1.1.0)
    pry (0.12.2)
      coderay (~> 1.1.0)
      method_source (~> 0.9.0)
    rack (2.2.3)
    rake (13.0.1)
    roda (3.27.0)
      rack
    ruby-ll (2.1.2)
      ansi
      ast
    ruby_parser (3.14.1)
      sexp_processor (~> 4.9)
    rubygems-tasks (0.2.4)
    sexp_processor (4.13.0)
    thor (0.20.3)
    tilt (2.0.10)
    warning (0.10.1)

PLATFORMS
  ruby

DEPENDENCIES
  fakefs
  flay
  flog
  inert!
  minitest
  pry
  rake
  rubygems-tasks
  warning

BUNDLED WITH
   1.17.3
